NRRD0004
# Complete NRRD file format specification at:
# http://teem.sourceforge.net/nrrd/format.html
type: float
dimension: 4
space dimension: 4
sizes: 290 348 290 6
space directions: (0.625,0,0,0) (0,-0.625,0,0) (0,0,0.625,0) (0,0,0,1)
kinds: domain domain domain domain
endian: little
encoding: gzip
space origin: (-90,126,-72,0)
data file: dti_1000_up2_tensor.raw.gz
